GEM
  remote: https://rubygems.org/
  specs:
    byebug (9.1.0)
    coderay (1.1.2)
    method_source (0.9.0)
    pg (1.0.0)
    pry (0.11.3)
      coderay (~> 1.1.0)
      method_source (~> 0.9.0)
    pry-byebug (3.5.1)
      byebug (~> 9.1)
      pry (~> 0.10)
    puma (3.11.2)
    rack (2.0.4)
    rake (12.3.0)
    roda (3.4.0)
      rack
    sequel (5.5.0)
    sequel_pg (1.8.1)
      pg (>= 0.18.0)
      sequel (>= 4.34.0)
    shotgun (0.9.2)
      rack (>= 1.0)

PLATFORMS
  ruby

DEPENDENCIES
  pg
  pry-byebug
  puma
  rake
  roda
  sequel
  sequel_pg
  shotgun

RUBY VERSION
   ruby 2.5.0p0

BUNDLED WITH
   1.16.1
