GEM
  remote: https://rubygems.org/
  specs:
    coderay (1.1.2)
    method_source (0.9.0)
    pg (1.0.0)
    pry (0.11.3)
      coderay (~> 1.1.0)
      method_source (~> 0.9.0)
    puma (3.11.2)
    rack (2.0.4)
    rake (12.3.0)
    roda (3.4.0)
      rack
    sequel (5.5.0)
    sequel_pg (1.8.1)
      pg (>= 0.18.0)
      sequel (>= 4.34.0)

PLATFORMS
  ruby

DEPENDENCIES
  pg
  pry
  puma
  rake
  roda
  sequel
  sequel_pg

RUBY VERSION
   ruby 2.5.0p0

BUNDLED WITH
   1.16.1
